GEM
  remote: https://rubygems.org/
  specs:
    haml (4.0.7)
      tilt
    tilt (2.0.3)

PLATFORMS
  ruby
  x64-mingw32

DEPENDENCIES
  haml

BUNDLED WITH
   1.14.6
