GEM
  remote: https://rubygems.org/
  specs:
    haml (4.0.7)
      tilt
    json (1.8.1)
    tilt (2.0.3)

PLATFORMS
  x64-mingw32

DEPENDENCIES
  haml
  json

BUNDLED WITH
   1.11.2
