GEM
  remote: https://rubygems.org/
  specs:
    erubis (2.7.0)
    haml (4.0.7)
      tilt
    html2haml (2.0.0)
      erubis (~> 2.7.0)
      haml (~> 4.0.0)
      nokogiri (~> 1.6.0)
      ruby_parser (~> 3.5)
    mini_portile2 (2.0.0)
    nokogiri (1.6.7.2-x64-mingw32)
      mini_portile2 (~> 2.0.0.rc2)
    ruby_parser (3.8.2)
      sexp_processor (~> 4.1)
    sexp_processor (4.7.0)
    tilt (2.0.3)

PLATFORMS
  x64-mingw32

DEPENDENCIES
  html2haml

BUNDLED WITH
   1.11.2
